PATH
  remote: .
  specs:
    netflix (0.2.1)
      json
      launchy
      oauth

GEM
  remote: http://rubygems.org/
  specs:
    addressable (2.2.8)
    fakeweb (1.3.0)
    json (1.7.0)
    launchy (2.1.0)
      addressable (~> 2.2.6)
    oauth (0.4.6)

PLATFORMS
  ruby

DEPENDENCIES
  fakeweb
  netflix!
